NUGET
  remote: https://www.nuget.org/api/v2
  specs:
    FAKE (4.39.1)
    FSharp.Core (4.0.0.1)
    Nancy (1.4.3)
    Nancy.Hosting.Self (1.4.1)
      Nancy (>= 1.4.1)
